PATH
  remote: .
  specs:
    chip_rails (0.1.0)
      dotenv (~> 2.8)
      json (~> 2.7)
      net-http (~> 0.4)
      openssl (~> 3.2)
      ostruct (~> 0.6)
      uri (~> 0.13)

GEM
  remote: https://rubygems.org/
  specs:
    dotenv (2.8.1)
    json (2.7.2)
    net-http (0.4.1)
      uri
    openssl (3.2.0)
    ostruct (0.6.0)
    rake (13.2.1)
    uri (0.13.0)

PLATFORMS
  arm64-darwin-23

DEPENDENCIES
  chip_rails!
  rake (~> 13.0)

BUNDLED WITH
   2.4.10
